FRAMEWORK: NET45
NUGET
  remote: https://www.nuget.org/api/v2
    Chessie (0.6)
      FSharp.Core
    FAKE (4.50.1)
    FParsec (1.0.2)
    FSharp.Compiler.Service (11.0.4)
      System.Collections.Immutable (>= 1.2)
      System.Reflection.Metadata (>= 1.4.1-beta-24227-04)
    FSharp.Compiler.Service.ProjectCracker (11.0.4)
    FSharp.Core (4.1) - redirects: on
      System.ValueTuple (>= 4.3)
    FSharpLint.Core (0.7.3-beta)
      FParsec (>= 1.0.2)
      FSharp.Compiler.Service (>= 11.0.2)
      FSharp.Compiler.Service.ProjectCracker (>= 11.0.2)
    Mono.Cecil (0.9.6.4)
    NDesk.Options (0.2.1)
    Newtonsoft.Json (9.0.1)
    NUnit (3.6)
    NUnit.ConsoleRunner (3.6)
    NUnit.Extension.NUnitProjectLoader (3.5)
    NUnit.Extension.NUnitV2Driver (3.6)
    NUnit.Extension.NUnitV2ResultWriter (3.5)
    NUnit.Extension.TeamCityEventListener (1.0.2)
    NUnit.Extension.VSProjectLoader (3.5)
    NUnit.Runners (3.6)
      NUnit.ConsoleRunner (>= 3.6)
      NUnit.Extension.NUnitProjectLoader (>= 3.5)
      NUnit.Extension.NUnitV2Driver (>= 3.6)
      NUnit.Extension.NUnitV2ResultWriter (>= 3.5)
      NUnit.Extension.TeamCityEventListener (>= 1.0.2)
      NUnit.Extension.VSProjectLoader (>= 3.5)
    Octokit (0.24)
    Paket.Core (3.20.2)
      Chessie
      FSharp.Core
      Mono.Cecil
      Newtonsoft.Json
    Suave (1.1.3)
      FSharp.Core (>= 3.1.2.5)
    System.Collections.Immutable (1.3.1)
    System.Reflection.Metadata (1.4.2)
      System.Collections.Immutable (>= 1.3.1)
    System.ValueTuple (4.3) - redirects: on
GITHUB
  remote: fsharp/FAKE
    modules/Octokit/Octokit.fsx (33e702f6c220f3facaf41f20dae03a912eeebf9a)
      Octokit (>= 0.20)